GEM
  remote: https://rubygems.org/
  specs:
    cairo (1.14.3)
      pkg-config (>= 1.1.5)
    concurrent-ruby (1.0.5)
    gdk_pixbuf2 (3.0.7)
      glib2 (= 3.0.7)
    glib2 (3.0.7)
      pkg-config
    i18n (1.1.0)
      concurrent-ruby (~> 1.0)
    mercenary (0.3.5)
    mini_portile2 (2.0.0)
    nokogiri (1.6.7.2)
      mini_portile2 (~> 2.0.0.rc2)
    pango (3.0.7)
      cairo (>= 1.14.0)
      glib2 (= 3.0.7)
    pkg-config (1.1.7)
    roo (2.3.1)
      nokogiri (~> 1)
      rubyzip (~> 1.1, < 2.0.0)
    rsvg2 (3.0.7)
      cairo (>= 1.12.8)
      gdk_pixbuf2 (= 3.0.7)
    ruby-progressbar (1.7.5)
    rubyzip (1.1.7)
    squib (0.9.0)
      cairo (~> 1.14.3)
      mercenary (~> 0.3.4)
      nokogiri (~> 1.6.7)
      pango (~> 3.0.1)
      roo (~> 2.3.0)
      rsvg2 (~> 3.0.0)
      ruby-progressbar (~> 1.6)

PLATFORMS
  ruby

DEPENDENCIES
  i18n
  squib

BUNDLED WITH
   1.16.6
